GEM
  remote: http://rubygems.org/
  remote: http://gems.github.com/
  specs:
    actionmailer (2.3.8)
      actionpack (= 2.3.8)
    actionpack (2.3.8)
      activesupport (= 2.3.8)
      rack (~> 1.1.0)
    activerecord (2.3.8)
      activesupport (= 2.3.8)
    activeresource (2.3.8)
      activesupport (= 2.3.8)
    activesupport (2.3.8)
    annotate (2.4.0)
    aslakhellesoy-cucumber (0.3.11.6)
      builder (>= 2.1.2)
      diff-lcs (>= 1.1.2)
      term-ansicolor (>= 1.0.3)
      treetop (>= 1.2.6)
    builder (3.0.0)
    chronic (0.3.0)
    daemons (1.0.10)
    diff-lcs (1.1.2)
    faker (0.3.1)
    fastercsv (1.5.0)
    feedvalidator (0.1.2)
    hoptoad_notifier (2.1.3)
      activesupport
    javan-whenever (0.3.0)
      activesupport (>= 1.3.0)
      chronic (>= 0.2.3)
    macaddr (1.0.0)
    mholling-subdomain_routes (0.2.3)
      actionpack (>= 2.2.1)
    mysql (2.8.1)
    nokogiri (1.4.4)
    notahat-machinist (1.0.0)
    polyglot (0.3.1)
    rack (1.1.1)
    rails (2.3.8)
      actionmailer (= 2.3.8)
      actionpack (= 2.3.8)
      activerecord (= 2.3.8)
      activeresource (= 2.3.8)
      activesupport (= 2.3.8)
      rake (>= 0.8.3)
    rake (0.8.7)
    rr (0.10.0)
    rspec (2.5.0)
      rspec-core (~> 2.5.0)
      rspec-expectations (~> 2.5.0)
      rspec-mocks (~> 2.5.0)
    rspec-core (2.5.1)
    rspec-expectations (2.5.0)
      diff-lcs (~> 1.1.2)
    rspec-mocks (2.5.0)
    rspec-rails (1.3.2)
      rack (>= 1.0.0)
      rspec (>= 1.3.0)
    ruby-hmac (0.4.0)
    settingslogic (1.0.0)
    term-ansicolor (1.0.5)
    treetop (1.4.9)
      polyglot (>= 0.3.1)
    uuid (2.3.1)
      macaddr (~> 1.0)
    webrat (0.4.4)
      nokogiri (>= 1.2.0)
    will_paginate (2.3.15)
    wvanbergen-http_status_exceptions (0.1.3)

PLATFORMS
  ruby

DEPENDENCIES
  annotate (= 2.4.0)
  aslakhellesoy-cucumber (= 0.3.11.6)
  daemons (= 1.0.10)
  faker (= 0.3.1)
  fastercsv (= 1.5.0)
  feedvalidator (= 0.1.2)
  hoptoad_notifier (= 2.1.3)
  javan-whenever (= 0.3.0)
  mholling-subdomain_routes (= 0.2.3)
  mysql (= 2.8.1)
  notahat-machinist (= 1.0.0)
  rails (= 2.3.8)
  rr (= 0.10.0)
  rspec (>= 1.2.6)
  rspec-rails (>= 1.2.6)
  ruby-hmac (= 0.4.0)
  settingslogic (= 1.0.0)
  uuid (= 2.3.1)
  webrat (= 0.4.4)
  will_paginate (~> 2.3.11)
  wvanbergen-http_status_exceptions (= 0.1.3)
