GEM
  remote: http://rubygems.org/
  remote: http://gems.github.com/
  specs:
    actionmailer (2.3.11)
      actionpack (= 2.3.11)
    actionpack (2.3.11)
      activesupport (= 2.3.11)
      rack (~> 1.1.0)
    activerecord (2.3.11)
      activesupport (= 2.3.11)
    activeresource (2.3.11)
      activesupport (= 2.3.11)
    activesupport (2.3.11)
    annotate (2.4.0)
    chronic (0.3.0)
    daemons (1.0.10)
    fastercsv (1.5.4)
    hoptoad_notifier (2.1.3)
      activesupport
    javan-whenever (0.3.0)
      activesupport (>= 1.3.0)
      chronic (>= 0.2.3)
    macaddr (1.0.0)
    machinist (2.0.0.beta2)
    mysql (2.8.1)
    rack (1.1.2)
    rails (2.3.11)
      actionmailer (= 2.3.11)
      actionpack (= 2.3.11)
      activerecord (= 2.3.11)
      activeresource (= 2.3.11)
      activesupport (= 2.3.11)
      rake (>= 0.8.3)
    rake (0.9.0)
    rr (1.0.2)
    ruby-hmac (0.4.0)
    settingslogic (2.0.6)
    shoulda (3.0.0.beta2)
      shoulda-context (~> 1.0.0.beta1)
      shoulda-matchers (~> 1.0.0.beta1)
    shoulda-context (1.0.0.beta1)
    shoulda-matchers (1.0.0.beta2)
    subdomain_routes (0.3.1)
      actionpack (>= 2.2.1)
    uuid (2.3.1)
      macaddr (~> 1.0)
    will_paginate (2.3.15)
    wvanbergen-http_status_exceptions (0.1.3)

PLATFORMS
  ruby

DEPENDENCIES
  annotate (= 2.4.0)
  daemons (= 1.0.10)
  fastercsv (= 1.5.4)
  hoptoad_notifier (= 2.1.3)
  javan-whenever (= 0.3.0)
  machinist (~> 2.0.0.beta)
  mysql (= 2.8.1)
  rails (= 2.3.11)
  rr (= 1.0.2)
  ruby-hmac (= 0.4.0)
  settingslogic (= 2.0.6)
  shoulda (~> 3.0.0.beta)
  subdomain_routes (= 0.3.1)
  uuid (= 2.3.1)
  will_paginate (~> 2.3.11)
  wvanbergen-http_status_exceptions (= 0.1.3)
