GEM
  remote: http://rubygems.org/
  remote: http://gems.github.com/
  specs:
    actionmailer (2.3.11)
      actionpack (= 2.3.11)
    actionpack (2.3.11)
      activesupport (= 2.3.11)
      rack (~> 1.1.0)
    active_hash (0.9.5)
      activesupport (>= 2.2.2)
    activerecord (2.3.11)
      activesupport (= 2.3.11)
    activeresource (2.3.11)
      activesupport (= 2.3.11)
    activesupport (2.3.11)
    annotate (2.4.0)
    ansi (1.4.2)
    archive-tar-minitar (0.5.2)
    chronic (0.5.0)
    columnize (0.3.6)
    daemons (1.0.10)
    delorean (1.1.0)
      chronic
    factory_girl (2.0.0.rc1)
    forgery (0.3.10)
      nokogiri (~> 1.4)
    growl (1.0.3)
    guard (0.5.0)
      thor (~> 0.14.6)
    guard-bundler (0.1.3)
      bundler (>= 1.0.0)
      guard (>= 0.2.2)
    guard-rspec (0.4.0)
      guard (>= 0.4.0)
    guard-spork (0.2.0)
      guard (>= 0.2.2)
      spork (>= 0.8.4)
    hoe (3.0.3)
      rake (~> 0.8)
    hoptoad_notifier (2.1.3)
      activesupport
    javan-whenever (0.3.0)
      activesupport (>= 1.3.0)
      chronic (>= 0.2.3)
    linecache19 (0.5.12)
      ruby_core_source (>= 0.1.4)
    macaddr (1.0.0)
    multi_json (1.0.3)
    mysql (2.8.1)
    nokogiri (1.5.0)
    rabl (0.3.0)
      multi_json (~> 1.0.3)
    rack (1.1.2)
    rack-test (0.6.0)
      rack (>= 1.0)
    rails (2.3.11)
      actionmailer (= 2.3.11)
      actionpack (= 2.3.11)
      activerecord (= 2.3.11)
      activeresource (= 2.3.11)
      activesupport (= 2.3.11)
      rake (>= 0.8.3)
    rake (0.9.2)
    rb-fsevent (0.4.0)
    ruby-debug-base19 (0.11.25)
      columnize (>= 0.3.1)
      linecache19 (>= 0.5.11)
      ruby_core_source (>= 0.1.4)
    ruby-debug19 (0.11.6)
      columnize (>= 0.3.1)
      linecache19 (>= 0.5.11)
      ruby-debug-base19 (>= 0.11.19)
    ruby-hmac (0.4.0)
    ruby_core_source (0.1.5)
      archive-tar-minitar (>= 0.5.2)
    settingslogic (2.0.6)
    spork (0.8.5)
    subdomain_routes (0.3.1)
      actionpack (>= 2.2.1)
    test-unit (1.2.3)
      hoe (>= 1.5.1)
    thor (0.14.6)
    turn (0.9.4)
      ansi
    uuid (2.3.1)
      macaddr (~> 1.0)
    will_paginate (2.3.15)
    wvanbergen-http_status_exceptions (0.1.3)

PLATFORMS
  ruby

DEPENDENCIES
  active_hash (~> 0.9.5)
  annotate (= 2.4.0)
  daemons (= 1.0.10)
  delorean (~> 1.1.0)
  factory_girl (~> 2.0.0.rc1)
  forgery
  growl
  guard
  guard-bundler
  guard-rspec
  guard-spork
  hoptoad_notifier (= 2.1.3)
  javan-whenever (= 0.3.0)
  mysql (= 2.8.1)
  rabl
  rack-test
  rails (= 2.3.11)
  rb-fsevent
  ruby-debug19
  ruby-hmac (= 0.4.0)
  settingslogic (= 2.0.6)
  spork (= 0.8.5)
  subdomain_routes (= 0.3.1)
  test-unit (= 1.2.3)
  turn
  uuid (= 2.3.1)
  will_paginate (~> 2.3.11)
  wvanbergen-http_status_exceptions (= 0.1.3)
